GEM
  remote: https://rubygems.org/
  specs:
    childprocess (0.5.8)
      ffi (~> 1.0, >= 1.0.11)
    ffi (1.9.10)
    haml (4.0.7)
      tilt
    json (1.8.3)
    multi_json (1.11.2)
    rack (1.6.4)
    rack-protection (1.5.3)
      rack
    rubyzip (1.1.7)
    selenium-webdriver (2.48.1)
      childprocess (~> 0.5)
      multi_json (~> 1.0)
      rubyzip (~> 1.0)
      websocket (~> 1.0)
    sinatra (1.4.6)
      rack (~> 1.4)
      rack-protection (~> 1.4)
      tilt (>= 1.3, < 3)
    tilt (2.0.1)
    websocket (1.2.2)

PLATFORMS
  ruby

DEPENDENCIES
  haml
  json
  selenium-webdriver
  sinatra

BUNDLED WITH
   1.11.2
